PATH
  remote: .
  specs:
    regular_expression (0.1.0)
      fisk
      racc

GEM
  remote: https://rubygems.org/
  specs:
    ast (2.4.2)
    crabstone (4.0.3)
      ffi
    docile (1.4.0)
    ffi (1.15.3)
    fisk (2.2.0)
    graphviz (1.2.1)
      process-pipeline
    minitest (5.14.4)
    parallel (1.21.0)
    parser (3.0.2.0)
      ast (~> 2.4.1)
    process-group (1.2.3)
      process-terminal (~> 0.2.0)
    process-pipeline (1.0.2)
      process-group
    process-terminal (0.2.0)
      ffi
    racc (1.6.0)
    rainbow (3.0.0)
    rake (13.0.6)
    regexp_parser (2.1.1)
    rexml (3.2.5)
    rubocop (1.21.0)
      parallel (~> 1.10)
      parser (>= 3.0.0.0)
      rainbow (>= 2.2.2, < 4.0)
      regexp_parser (>= 1.8, < 3.0)
      rexml
      rubocop-ast (>= 1.9.1, < 2.0)
      ruby-progressbar (~> 1.7)
      unicode-display_width (>= 1.4.0, < 3.0)
    rubocop-ast (1.11.0)
      parser (>= 3.0.1.1)
    ruby-progressbar (1.11.0)
    simplecov (0.21.2)
      docile (~> 1.1)
      simplecov-html (~> 0.11)
      simplecov_json_formatter (~> 0.1)
    simplecov-html (0.12.3)
    simplecov_json_formatter (0.1.3)
    unicode-display_width (2.0.0)

PLATFORMS
  x86_64-darwin-19
  x86_64-darwin-20
  x86_64-linux

DEPENDENCIES
  bundler
  crabstone
  graphviz
  minitest
  rake
  regular_expression!
  rubocop
  simplecov

BUNDLED WITH
   2.2.24
